GEM
  remote: https://rubygems.org/
  specs:
    json (2.6.0)
    mssqlclient (0.1.0)
    mustermann (2.0.2)
      ruby2_keywords (~> 0.0.1)
    nio4r (2.5.8)
    pdf-core (0.4.0)
    pg (1.4.3-x64-mingw-ucrt)
    prawn (1.3.0)
      pdf-core (~> 0.4.0)
      ttfunk (~> 1.4.0)
    prawn-table (0.2.0)
    puma (5.6.4)
      nio4r (~> 2.0)
    rack (2.2.0)
    rack-cache (1.5.1)
      rack (>= 0.4)
    rack-protection (2.2.2)
      rack
    ruby-mysql (2.9.12)
    ruby2_keywords (0.0.5)
    sequel (5.59.0)
    sinatra (2.2.2)
      mustermann (~> 2.0)
      rack (~> 2.2)
      rack-protection (= 2.2.2)
      tilt (~> 2.0)
    tilt (2.0.11)
    ttfunk (1.4.0)

PLATFORMS
  x64-mingw-ucrt

DEPENDENCIES
  json (= 2.6.0)
  mssqlclient (= 0.1.0)
  pg (= 1.4.3)
  prawn (= 1.3.0)
  prawn-table (= 0.2.0)
  puma (= 5.6.4)
  rack (= 2.2)
  rack-cache (= 1.5.1)
  rack-protection (= 2.2.2)
  ruby-mysql (= 2.9.12)
  sequel (= 5.59.0)
  sinatra (= 2.2.2)

RUBY VERSION
   ruby 3.1.2p20

BUNDLED WITH
   2.3.19
