GEM
  remote: https://rubygems.org/
  specs:
    json (1.7.7)
    mssqlclient (0.1.0)
    pg (0.17.1-x64-mingw32)
    rack (1.5.2)
    rack-protection (1.5.3)
      rack
    ruby-mysql (2.9.12)
    sinatra (1.4.4)
      rack (~> 1.4)
      rack-protection (~> 1.4)
      tilt (~> 1.3, >= 1.3.4)
    tilt (1.4.1)

PLATFORMS
  x64-mingw32

DEPENDENCIES
  json (= 1.7.7)
  mssqlclient (= 0.1.0)
  pg (= 0.17.1)
  rack (= 1.5.2)
  rack-protection (= 1.5.3)
  ruby-mysql (= 2.9.12)
  sinatra (= 1.4.4)
